GEM
  remote: http://rubygems.org/
  specs:
    addressable (2.2.2)
    code_statistics (0.2.13)
    em-websocket (0.2.0)
      addressable (>= 2.1.1)
      eventmachine (>= 0.12.9)
    eventmachine (0.12.10)
    mocha (0.9.10)
      rake
    rake (0.8.7)

PLATFORMS
  ruby

DEPENDENCIES
  code_statistics
  em-websocket
  mocha
